GEM
  remote: https://rubygems.org/
  specs:
    ansi (1.5.0)
    ast (2.4.2)
    diff-lcs (1.5.0)
    markly (0.7.0)
    obsidian-parser (0.7.0)
      markly (~> 0.7.0)
    oga (3.4)
      ast
      ruby-ll (~> 2.1)
    rspec (3.12.0)
      rspec-core (~> 3.12.0)
      rspec-expectations (~> 3.12.0)
      rspec-mocks (~> 3.12.0)
    rspec-core (3.12.2)
      rspec-support (~> 3.12.0)
    rspec-expectations (3.12.3)
      diff-lcs (>= 1.2.0, < 2.0)
      rspec-support (~> 3.12.0)
    rspec-mocks (3.12.6)
      diff-lcs (>= 1.2.0, < 2.0)
      rspec-support (~> 3.12.0)
    rspec-support (3.12.1)
    ruby-ll (2.1.3)
      ansi
      ast
    tilt (2.2.0)

PLATFORMS
  x86_64-darwin-20

DEPENDENCIES
  obsidian-parser (~> 0.7.0)
  oga (~> 3.4)
  rspec
  tilt (~> 2.0, >= 2.0.8)

BUNDLED WITH
   2.4.6
