GIT
  remote: https://github.com/matmoore/obsidian-parser.git
  revision: 61d63fe6ffcf1b6ba41a98915aa19578a6b796aa
  branch: main
  specs:
    obsidian-parser (0.7.0)
      marcel (~> 0.3.1)
      markly (~> 0.7.0)
      tilt (~> 2.0, >= 2.0.8)

GEM
  remote: https://rubygems.org/
  specs:
    ansi (1.5.0)
    ast (2.4.2)
    byebug (11.1.3)
    coderay (1.1.3)
    diff-lcs (1.5.1)
    filewatcher (2.1.0)
      module_methods (~> 0.1.0)
    filewatcher-spinner (1.0.0)
      filewatcher (~> 2.0)
    marcel (0.3.3)
      mimemagic (~> 0.3.2)
    markly (0.7.0)
    method_source (1.1.0)
    mimemagic (0.3.10)
      nokogiri (~> 1)
      rake
    module_methods (0.1.0)
    nokogiri (1.16.6-x86_64-darwin)
      racc (~> 1.4)
    oga (3.4)
      ast
      ruby-ll (~> 2.1)
    pry (0.14.2)
      coderay (~> 1.1)
      method_source (~> 1.0)
    pry-byebug (3.10.1)
      byebug (~> 11.0)
      pry (>= 0.13, < 0.15)
    racc (1.8.0)
    rake (13.2.1)
    rspec (3.13.0)
      rspec-core (~> 3.13.0)
      rspec-expectations (~> 3.13.0)
      rspec-mocks (~> 3.13.0)
    rspec-core (3.13.0)
      rspec-support (~> 3.13.0)
    rspec-expectations (3.13.1)
      diff-lcs (>= 1.2.0, < 2.0)
      rspec-support (~> 3.13.0)
    rspec-mocks (3.13.1)
      diff-lcs (>= 1.2.0, < 2.0)
      rspec-support (~> 3.13.0)
    rspec-support (3.13.1)
    ruby-ll (2.1.3)
      ansi
      ast
    tilt (2.4.0)
    webrick (1.8.1)

PLATFORMS
  x86_64-darwin

DEPENDENCIES
  filewatcher
  filewatcher-spinner
  obsidian-parser!
  oga (~> 3.4)
  pry-byebug
  rspec
  tilt (~> 2.0, >= 2.0.8)
  webrick

BUNDLED WITH
   2.5.11
